PATH
  remote: .
  specs:
    groupme (0.2.0)
      httpclient (~> 2.7)

GEM
  remote: https://rubygems.org/
  specs:
    addressable (2.5.2)
      public_suffix (>= 2.0.2, < 4.0)
    coderay (1.1.2)
    coveralls (0.8.22)
      json (>= 1.8, < 3)
      simplecov (~> 0.16.1)
      term-ansicolor (~> 1.3)
      thor (~> 0.19.4)
      tins (~> 1.6)
    crack (0.4.3)
      safe_yaml (~> 1.0.0)
    diff-lcs (1.3)
    docile (1.3.1)
    ffi (1.9.25)
    formatador (0.2.5)
    guard (2.14.2)
      formatador (>= 0.2.4)
      listen (>= 2.7, < 4.0)
      lumberjack (>= 1.0.12, < 2.0)
      nenv (~> 0.1)
      notiffany (~> 0.0)
      pry (>= 0.9.12)
      shellany (~> 0.0)
      thor (>= 0.18.1)
    guard-compat (1.2.1)
    guard-rspec (4.7.3)
      guard (~> 2.1)
      guard-compat (~> 1.1)
      rspec (>= 2.99.0, < 4.0)
    hashdiff (0.3.7)
    httpclient (2.8.3)
    json (2.1.0)
    listen (3.1.5)
      rb-fsevent (~> 0.9, >= 0.9.4)
      rb-inotify (~> 0.9, >= 0.9.7)
      ruby_dep (~> 1.2)
    lumberjack (1.0.13)
    method_source (0.9.0)
    mustermann (1.0.3)
    nenv (0.3.0)
    notiffany (0.1.1)
      nenv (~> 0.1)
      shellany (~> 0.0)
    pry (0.11.3)
      coderay (~> 1.1.0)
      method_source (~> 0.9.0)
    public_suffix (3.0.3)
    rack (2.0.5)
    rack-protection (2.0.3)
      rack
    rake (10.5.0)
    rb-fsevent (0.10.3)
    rb-inotify (0.9.10)
      ffi (>= 0.5.0, < 2)
    rspec (3.8.0)
      rspec-core (~> 3.8.0)
      rspec-expectations (~> 3.8.0)
      rspec-mocks (~> 3.8.0)
    rspec-core (3.8.0)
      rspec-support (~> 3.8.0)
    rspec-expectations (3.8.1)
      diff-lcs (>= 1.2.0, < 2.0)
      rspec-support (~> 3.8.0)
    rspec-mocks (3.8.0)
      diff-lcs (>= 1.2.0, < 2.0)
      rspec-support (~> 3.8.0)
    rspec-support (3.8.0)
    ruby_dep (1.5.0)
    safe_yaml (1.0.4)
    shellany (0.0.1)
    simplecov (0.16.1)
      docile (~> 1.1)
      json (>= 1.8, < 3)
      simplecov-html (~> 0.10.0)
    simplecov-html (0.10.2)
    sinatra (2.0.3)
      mustermann (~> 1.0)
      rack (~> 2.0)
      rack-protection (= 2.0.3)
      tilt (~> 2.0)
    term-ansicolor (1.6.0)
      tins (~> 1.0)
    thor (0.19.4)
    tilt (2.0.8)
    tins (1.16.3)
    webmock (3.4.2)
      addressable (>= 2.3.6)
      crack (>= 0.3.2)
      hashdiff

PLATFORMS
  ruby

DEPENDENCIES
  bundler (~> 1.16)
  coveralls (~> 0.8)
  groupme!
  guard-rspec (~> 4.7)
  rake (~> 10.0)
  rspec (~> 3.8)
  simplecov (~> 0.15)
  sinatra (~> 2.0)
  webmock (~> 3.4)

BUNDLED WITH
   1.16.3
